PATH
  remote: .
  specs:
    lims-exception-notifier-app (0.1.0)
      mustache (~> 0.99.4)

GEM
  remote: http://rubygems.org/
  specs:
    bond (0.4.3)
    columnize (0.3.6)
    debugger (1.6.3)
      columnize (>= 0.3.1)
      debugger-linecache (~> 1.2.0)
      debugger-ruby_core_source (~> 1.2.4)
    debugger-completion (1.0.0)
      bond (>= 0.4.2)
      debugger (~> 1.1)
    debugger-linecache (1.2.0)
    debugger-ruby_core_source (1.2.4)
    diff-lcs (1.1.3)
    github-markup (0.7.5)
    mustache (0.99.4)
    rake (0.9.6)
    rspec (2.8.0)
      rspec-core (~> 2.8.0)
      rspec-expectations (~> 2.8.0)
      rspec-mocks (~> 2.8.0)
    rspec-core (2.8.0)
    rspec-expectations (2.8.0)
      diff-lcs (~> 1.1.2)
    rspec-mocks (2.8.0)
    yard (0.8.7.3)
    yard-rspec (0.1)
      yard

PLATFORMS
  ruby

DEPENDENCIES
  debugger
  debugger-completion
  github-markup (~> 0.7.1)
  lims-exception-notifier-app!
  rake (~> 0.9.2)
  rspec (~> 2.8.0)
  yard (>= 0.7.0)
  yard-rspec (= 0.1)
